GEM
  remote: https://rubygems.org/
  specs:
    activesupport (4.0.2)
      i18n (~> 0.6, >= 0.6.4)
      minitest (~> 4.2)
      multi_json (~> 1.3)
      thread_safe (~> 0.1)
      tzinfo (~> 0.3.37)
    atomic (1.1.14)
    diff-lcs (1.2.5)
    docile (1.1.3)
    factory_girl (4.4.0)
      activesupport (>= 3.0.0)
    i18n (0.6.9)
    json (1.8.1)
    minitest (4.7.5)
    multi_json (1.8.4)
    net-http-persistent (2.9.4)
    rack (1.5.2)
    rack-test (0.6.2)
      rack (>= 1.0)
    rdf (1.1.2.1)
    rspec (2.14.1)
      rspec-core (~> 2.14.0)
      rspec-expectations (~> 2.14.0)
      rspec-mocks (~> 2.14.0)
    rspec-core (2.14.7)
    rspec-expectations (2.14.5)
      diff-lcs (>= 1.1.3, < 2.0)
    rspec-mocks (2.14.5)
    simplecov (0.8.2)
      docile (~> 1.1.0)
      multi_json
      simplecov-html (~> 0.8.0)
    simplecov-html (0.8.0)
    sparql-client (1.1.1)
      json (>= 1.8)
      net-http-persistent (>= 1.4)
      rdf (>= 1.1)
    thread_safe (0.1.3)
      atomic
    tzinfo (0.3.38)

PLATFORMS
  ruby

DEPENDENCIES
  factory_girl (~> 4.0)
  rack-test
  rspec
  simplecov
  sparql-client
